GEM
  remote: https://rubygems.org/
  specs:
    chunky_png (1.3.8)
    rmagick (2.16.0)
    rqrcode (0.10.1)
      chunky_png (~> 1.0)

PLATFORMS
  ruby

DEPENDENCIES
  rmagick
  rqrcode

BUNDLED WITH
   1.13.7
